PATH
  remote: .
  specs:
    agrimi (0.0.0)

GEM
  remote: https://rubygems.org/
  specs:
    diff-lcs (1.2.5)
    logger (1.2.8)
    mime-types (2.2)
    net-dns (0.8.0)
    parseconfig (1.0.4)
    rake (10.2.2)
    rest-client (1.6.7)
      mime-types (>= 1.16)
    rspec (2.14.1)
      rspec-core (~> 2.14.0)
      rspec-expectations (~> 2.14.0)
      rspec-mocks (~> 2.14.0)
    rspec-core (2.14.8)
    rspec-expectations (2.14.5)
      diff-lcs (>= 1.1.3, < 2.0)
    rspec-mocks (2.14.6)
    yard (0.8.7.4)

PLATFORMS
  ruby

DEPENDENCIES
  agrimi!
  logger
  net-dns
  parseconfig
  rake
  rest-client
  rspec
  yard
